GIT
  remote: git@github.com:niwo/cloudstack_client.git
  revision: d37efb0114e4150419517eece356485ec025136f
  branch: generator
  specs:
    cloudstack_client (1.0.0)

PATH
  remote: .
  specs:
    cloudstack-cli (1.0.0.pre.beta1)
      cloudstack_client (~> 1.0.0)
      thor (~> 0.19.1)

GEM
  remote: https://rubygems.org/
  specs:
    json (1.8.2)
    rake (10.4.2)
    rdoc (4.2.0)
      json (~> 1.4)
    thor (0.19.1)

PLATFORMS
  ruby

DEPENDENCIES
  cloudstack-cli!
  cloudstack_client!
  rake (~> 10.4)
  rdoc (~> 4.2)
