GIT
  remote: git@github.com:erikhuda/thor.git
  revision: c2da2f5b26f976510965adda01e4893d1eae7f7d
  branch: master
  specs:
    thor (0.19.1)

GIT
  remote: git@github.com:niwo/cloudstack_client.git
  revision: 74c951631d0769265248c78e14c49095f82fe6c2
  branch: master
  specs:
    cloudstack_client (0.5.0)

PATH
  remote: .
  specs:
    cloudstack-cli (0.9.0)
      cloudstack_client (~> 0.5, >= 0.5.0)
      thor (~> 0.19)

GEM
  remote: https://rubygems.org/
  specs:
    json (1.8.1)
    rake (10.3.1)
    rdoc (4.1.1)
      json (~> 1.4)

PLATFORMS
  ruby

DEPENDENCIES
  cloudstack-cli!
  cloudstack_client!
  rake (~> 10.3)
  rdoc (~> 4.1)
  thor!
