GIT
  remote: git@github.com:erikhuda/thor.git
  revision: c2da2f5b26f976510965adda01e4893d1eae7f7d
  branch: master
  specs:
    thor (0.19.1)

GIT
  remote: git@github.com:niwo/cloudstack_client.git
  revision: 03555aca3862ecd75b8a4228afb7da753d42dfeb
  branch: master
  specs:
    cloudstack_client (0.6.4)

PATH
  remote: .
  specs:
    cloudstack-cli (0.10.0)
      cloudstack_client (~> 0.6, >= 0.6.4)
      thor (~> 0.19)

GEM
  remote: https://rubygems.org/
  specs:
    json (1.8.1)
    rake (10.3.2)
    rdoc (4.1.1)
      json (~> 1.4)

PLATFORMS
  ruby

DEPENDENCIES
  cloudstack-cli!
  cloudstack_client!
  rake (~> 10.3)
  rdoc (~> 4.1)
  thor!
