PATH
  remote: .
  specs:
    cloudstack-cli (0.3.11)
      thor (~> 0.18.1)

GEM
  remote: https://rubygems.org/
  specs:
    json (1.8.1)
    rake (10.0.4)
    rdoc (4.0.1)
      json (~> 1.4)
    thor (0.18.1)

PLATFORMS
  ruby

DEPENDENCIES
  cloudstack-cli!
  rake (~> 10.0.4)
  rdoc
