GIT
  remote: git@github.com:niwo/cloudstack_client.git
  revision: 56f489ce1649c6d2f6809382787de2ee48968655
  branch: master
  specs:
    cloudstack_client (0.9.3)

PATH
  remote: .
  specs:
    cloudstack-cli (0.14.0)
      cloudstack_client (~> 0.9.3)
      thor (~> 0.19.1)

GEM
  remote: https://rubygems.org/
  specs:
    json (1.8.2)
    rake (10.4.2)
    rdoc (4.2.0)
      json (~> 1.4)
    thor (0.19.1)

PLATFORMS
  ruby

DEPENDENCIES
  cloudstack-cli!
  cloudstack_client!
  rake (~> 10.4)
  rdoc (~> 4.2)
