PATH
  remote: .
  specs:
    cloudstack-cli (1.0.0.rc1)
      cloudstack_client (~> 1.0.0.rc2)
      thor (~> 0.19.1)

GEM
  remote: https://rubygems.org/
  specs:
    cloudstack_client (1.0.0.rc2)
      msgpack
    json (1.8.2)
    msgpack (0.5.11)
    rake (10.4.2)
    rdoc (4.2.0)
      json (~> 1.4)
    thor (0.19.1)

PLATFORMS
  ruby

DEPENDENCIES
  cloudstack-cli!
  rake (~> 10.4)
  rdoc (~> 4.2)
