GIT
  remote: git@github.com:niwo/cloudstack_client.git
  revision: 9bffcd5b7ed587973b09ced13fae52030b77ff72
  branch: master
  specs:
    cloudstack_client (0.9.0)

PATH
  remote: .
  specs:
    cloudstack-cli (0.13.0)
      cloudstack_client (~> 0.9.0)
      thor (~> 0.19.1)

GEM
  remote: https://rubygems.org/
  specs:
    json (1.8.2)
    rake (10.4.2)
    rdoc (4.2.0)
      json (~> 1.4)
    thor (0.19.1)

PLATFORMS
  ruby

DEPENDENCIES
  cloudstack-cli!
  cloudstack_client!
  rake (~> 10.4)
  rdoc (~> 4.2)
