GIT
  remote: git@github.com:niwo/cloudstack_client.git
  revision: 0b1195c8584220a39289970085c824cd4df4e328
  branch: master
  specs:
    cloudstack_client (0.4.0)

PATH
  remote: .
  specs:
    cloudstack-cli (0.7.0)
      cloudstack_client (~> 0.4, >= 0.4.0)
      thor (~> 0.18)

GEM
  remote: https://rubygems.org/
  specs:
    json (1.8.1)
    rake (10.1.1)
    rdoc (4.1.1)
      json (~> 1.4)
    thor (0.18.1)

PLATFORMS
  ruby

DEPENDENCIES
  cloudstack-cli!
  cloudstack_client!
  rake (~> 10.1)
  rdoc (~> 4.1)
