PATH
  remote: .
  specs:
    cloudstack-cli (0.5.4)
      cloudstack_client (>= 0.3.4)
      thor (~> 0.18)

GEM
  remote: https://rubygems.org/
  specs:
    cloudstack_client (0.3.5)
    json (1.8.1)
    rake (10.1.1)
    rdoc (4.1.1)
      json (~> 1.4)
    thor (0.18.1)

PLATFORMS
  ruby

DEPENDENCIES
  cloudstack-cli!
  rake (~> 10.1)
  rdoc (~> 4.1)
