PATH
  remote: .
  specs:
    cloudstack-cli (1.1.0)
      cloudstack_client (~> 1.1.0)
      thor (~> 0.19.1)

PATH
  remote: ../cloudstack_client/
  specs:
    cloudstack_client (1.1.0)
      json (~> 1.8.3)

GEM
  remote: https://rubygems.org/
  specs:
    json (1.8.3)
    rake (10.4.2)
    rdoc (4.2.0)
    thor (0.19.1)

PLATFORMS
  ruby

DEPENDENCIES
  cloudstack-cli!
  cloudstack_client!
  rake (~> 10.4)
  rdoc (~> 4.2)

BUNDLED WITH
   1.10.6
