GIT
  remote: git@github.com:niwo/cloudstack_client.git
  revision: f3a88de630e26439a78f4fb3f41a3a0e1b0e29a4
  branch: master
  specs:
    cloudstack_client (0.3.6)

PATH
  remote: .
  specs:
    cloudstack-cli (0.6.1)
      cloudstack_client (~> 0.3, >= 0.3.6)
      thor (~> 0.18)

GEM
  remote: https://rubygems.org/
  specs:
    json (1.8.1)
    rake (10.1.1)
    rdoc (4.1.1)
      json (~> 1.4)
    thor (0.18.1)

PLATFORMS
  ruby

DEPENDENCIES
  cloudstack-cli!
  cloudstack_client!
  rake (~> 10.1)
  rdoc (~> 4.1)
