GIT
  remote: git@github.com:niwo/cloudstack_client.git
  revision: f4aa35073e82129aa27600cef0987254d2453259
  branch: master
  specs:
    cloudstack_client (0.9.7)

PATH
  remote: .
  specs:
    cloudstack-cli (0.14.1)
      cloudstack_client (~> 0.9.7)
      thor (~> 0.19.1)

GEM
  remote: https://rubygems.org/
  specs:
    json (1.8.2)
    rake (10.4.2)
    rdoc (4.2.0)
      json (~> 1.4)
    thor (0.19.1)

PLATFORMS
  ruby

DEPENDENCIES
  cloudstack-cli!
  cloudstack_client!
  rake (~> 10.4)
  rdoc (~> 4.2)
