GIT
  remote: git@github.com:erikhuda/thor.git
  revision: 81dadf41b1d0422d1be1a7b2655603b47e8ff46a
  branch: master
  specs:
    thor (0.19.1)

GIT
  remote: git@github.com:niwo/cloudstack_client.git
  revision: 0a9144ea5bad49ef8c0227151caa4e1574589b2a
  branch: master
  specs:
    cloudstack_client (0.7.1)

PATH
  remote: .
  specs:
    cloudstack-cli (0.11.0)
      cloudstack_client (~> 0.7, >= 0.7.1)
      thor (~> 0.19)

GEM
  remote: https://rubygems.org/
  specs:
    json (1.8.1)
    rake (10.3.2)
    rdoc (4.1.2)
      json (~> 1.4)

PLATFORMS
  ruby

DEPENDENCIES
  cloudstack-cli!
  cloudstack_client!
  rake (~> 10.3)
  rdoc (~> 4.1)
  thor!
