PATH
  remote: .
  specs:
    cloudstack-cli (1.0.2)
      cloudstack_client (~> 1.0.3)
      thor (~> 0.19.1)

PATH
  remote: ../cloudstack_client/
  specs:
    cloudstack_client (1.0.3)
      msgpack (~> 0.5.11)

GEM
  remote: https://rubygems.org/
  specs:
    json (1.8.3)
    msgpack (0.5.12)
    rake (10.4.2)
    rdoc (4.2.0)
      json (~> 1.4)
    thor (0.19.1)

PLATFORMS
  ruby

DEPENDENCIES
  cloudstack-cli!
  cloudstack_client!
  rake (~> 10.4)
  rdoc (~> 4.2)

BUNDLED WITH
   1.10.3
