PATH
  remote: .
  specs:
    cloudstack-cli (0.1.5)
      net-ssh (~> 2.6.7)
      thor (~> 0.18.1)

GEM
  remote: https://rubygems.org/
  specs:
    json (1.8.0)
    net-ssh (2.6.8)
    rake (10.0.4)
    rdoc (4.0.1)
      json (~> 1.4)
    thor (0.18.1)

PLATFORMS
  ruby

DEPENDENCIES
  cloudstack-cli!
  rake (~> 10.0.4)
  rdoc
