PATH
  remote: .
  specs:
    cloudstack-cli (0.11.2)
      cloudstack_client (~> 0.7, >= 0.7.1)
      thor (~> 0.19.1)

GEM
  remote: https://rubygems.org/
  specs:
    cloudstack_client (0.7.1)
    json (1.8.1)
    rake (10.4.2)
    rdoc (4.2.0)
      json (~> 1.4)
    thor (0.19.1)

PLATFORMS
  ruby

DEPENDENCIES
  cloudstack-cli!
  rake (~> 10.3)
  rdoc (~> 4.1)
