GIT
  remote: git@github.com:niwo/cloudstack_client.git
  revision: b6fdbc1a50a06f3596b1e07c0e7973cb34bbf203
  branch: master
  specs:
    cloudstack_client (0.9.2)

PATH
  remote: .
  specs:
    cloudstack-cli (0.13.1)
      cloudstack_client (~> 0.9.2)
      thor (~> 0.19.1)

GEM
  remote: https://rubygems.org/
  specs:
    json (1.8.2)
    rake (10.4.2)
    rdoc (4.2.0)
      json (~> 1.4)
    thor (0.19.1)

PLATFORMS
  ruby

DEPENDENCIES
  cloudstack-cli!
  cloudstack_client!
  rake (~> 10.4)
  rdoc (~> 4.2)
