PATH
  remote: .
  specs:
    cloudstack-cli (0.0.5)
      command_line_reporter (~> 3.2.1)
      net-ssh (~> 2.6.7)
      rainbow (~> 1.1.4)
      thor (~> 0.18.1)

GEM
  remote: https://rubygems.org/
  specs:
    colored (1.2)
    command_line_reporter (3.2.1)
      colored (>= 1.2)
    json (1.8.0)
    net-ssh (2.6.8)
    rainbow (1.1.4)
    rake (10.0.4)
    rdoc (4.0.1)
      json (~> 1.4)
    thor (0.18.1)

PLATFORMS
  ruby

DEPENDENCIES
  cloudstack-cli!
  rake (~> 10.0.4)
  rdoc
